GEM
  remote: https://rubygems.org/
  specs:
    aggregate (0.2.2)
    aws-sdk (1.15.0)
      json (~> 1.4)
      nokogiri (< 1.6.0)
      uuidtools (~> 2.1)
    faraday (0.8.8)
      multipart-post (~> 1.2.0)
    json (1.8.0-java)
    librato-metrics (1.1.0)
      aggregate (~> 0.2.2)
      faraday (~> 0.7)
      multi_json
    multi_json (1.7.9)
    multipart-post (1.2.0)
    nokogiri (1.5.10-java)
    uuidtools (2.1.4)

PLATFORMS
  java

DEPENDENCIES
  aws-sdk (~> 1.15.0)
  librato-metrics (~> 1.1.0)
